GEM
  remote: https://rubygems.org/
  specs:
    activesupport (5.2.3)
      concurrent-ruby (~> 1.0, >= 1.0.2)
      i18n (>= 0.7, < 2)
      minitest (~> 5.1)
      tzinfo (~> 1.1)
    concurrent-ruby (1.1.5)
    fileutils (1.1.0)
    fxruby (1.6.40-x64-mingw32)
      mini_portile2 (~> 2.1)
    i18n (1.6.0)
      concurrent-ruby (~> 1.0)
    json (2.1.0)
    mini_portile2 (2.4.0)
    minitest (5.11.3)
    thread_safe (0.3.6)
    tzinfo (1.2.5)
      thread_safe (~> 0.1)

PLATFORMS
  x64-mingw32

DEPENDENCIES
  activesupport
  fileutils
  fxruby
  json

BUNDLED WITH
   2.0.2
